
GEM
  remote: https://rubygems.org/
  specs:
    addressable (2.5.1)
      public_suffix (~> 2.0, >= 2.0.2)
    backports (3.7.0)
    capybara (2.13.0)
      addressable
      mime-types (>= 1.16)